GIT
  remote: git://github.com/alphagov/delsolr.git
  revision: 9fb4349d4a5e395679309e8d136427e6e2d6b6d3
  specs:
    delsolr (0.1.5)
      builder (>= 2.0.0)

GEM
  remote: http://rubygems.org/
  specs:
    addressable (2.2.6)
    builder (3.0.0)
    ci_reporter (1.6.5)
      builder (>= 2.1.2)
    crack (0.3.1)
    erubis (2.7.0)
    htmlentities (4.3.0)
    json (1.6.1)
    metaclass (0.0.1)
    mocha (0.10.0)
      metaclass (~> 0.0.1)
    multi_json (1.0.3)
    nokogiri (1.5.0)
    rack (1.3.5)
    rack-protection (1.1.4)
      rack
    rack-test (0.6.1)
      rack (>= 1.0)
    rake (0.9.2)
    shotgun (0.9)
      rack (>= 1.0)
    simplecov (0.5.4)
      multi_json (~> 1.0.3)
      simplecov-html (~> 0.5.3)
    simplecov-html (0.5.3)
    simplecov-rcov (0.2.3)
      simplecov (>= 0.4.1)
    sinatra (1.3.1)
      rack (~> 1.3, >= 1.3.4)
      rack-protection (~> 1.1, >= 1.1.2)
      tilt (~> 1.3, >= 1.3.3)
    slimmer (0.8.0)
      nokogiri
    test-unit (2.4.0)
    tilt (1.3.3)
    webmock (1.7.7)
      addressable (~> 2.2, > 2.2.5)
      crack (>= 0.1.7)

PLATFORMS
  ruby

DEPENDENCIES
  ci_reporter
  delsolr!
  erubis
  htmlentities
  json
  mocha
  rack-test
  rake (= 0.9.2)
  shotgun
  simplecov
  simplecov-rcov
  sinatra
  slimmer (= 0.8.0)
  test-unit
  webmock
